GEM
  remote: https://rubygems.org/
  specs:
    bigdecimal (3.1.9)
    diff-lcs (1.5.1)
    htmlentities (4.3.4)
    lutaml-model (0.5.2)
      thor
    mml (1.0.1)
      lutaml-model (~> 0.3)
      zeitwerk
    ox (2.14.19)
      bigdecimal (>= 3.0)
    parslet (2.0.0)
    plurimath (0.8.20)
      bigdecimal
      lutaml-model
      mml
      ox
      parslet
      thor
    rake (13.2.1)
    rspec (3.13.0)
      rspec-core (~> 3.13.0)
      rspec-expectations (~> 3.13.0)
      rspec-mocks (~> 3.13.0)
    rspec-core (3.13.2)
      rspec-support (~> 3.13.0)
    rspec-expectations (3.13.3)
      diff-lcs (>= 1.2.0, < 2.0)
      rspec-support (~> 3.13.0)
    rspec-mocks (3.13.2)
      diff-lcs (>= 1.2.0, < 2.0)
      rspec-support (~> 3.13.0)
    rspec-support (3.13.2)
    thor (1.3.2)
    unitsml (0.2.9)
      htmlentities
      plurimath (~> 0.8.4)
    zeitwerk (2.7.1)

PLATFORMS
  ruby
  x86_64-linux

DEPENDENCIES
  plurimath
  rake
  rspec
  thor
  unitsml

BUNDLED WITH
   2.5.22
